GEM
  specs:
    diff-lcs (1.1.2)
    rake (0.8.7)
    rspec (2.0.0.beta.20)
      rspec-core (= 2.0.0.beta.20)
      rspec-expectations (= 2.0.0.beta.20)
      rspec-mocks (= 2.0.0.beta.20)
    rspec-core (2.0.0.beta.20)
    rspec-expectations (2.0.0.beta.20)
      diff-lcs (>= 1.1.2)
    rspec-mocks (2.0.0.beta.20)
    zoom (0.4.1)

PLATFORMS
  ruby

DEPENDENCIES
  rake (~> 0.8.7)
  rspec (~> 2.0.0.beta.20)
  zoom (~> 0.4.1)
